GEM
  remote: http://rubygems.org/
  specs:
    bcrypt (3.1.10-x64-mingw32)
    pg (0.18.2-x64-mingw32)
    rack (1.6.4)
    rack-protection (1.5.3)
      rack
    rake (10.4.2)
    sequel (4.26.0)
    sinatra (1.4.6)
      rack (~> 1.4)
      rack-protection (~> 1.4)
      tilt (>= 1.3, < 3)
    sqlite3 (1.3.10-x64-mingw32)
    tilt (2.0.1)

PLATFORMS
  x64-mingw32

DEPENDENCIES
  bcrypt
  pg
  rake
  sequel
  sinatra
  sqlite3
